GEM
  remote: https://rubygems.org/
  specs:
    builder (3.2.2)
    ethon (0.6.1)
      ffi (>= 1.3.0)
      mime-types (~> 1.18)
    ffi (1.9.3)
    jwt (1.0.0)
    mime-types (1.25.1)
    multi_json (1.10.1)
    rack (1.5.2)
    rack-protection (1.5.3)
      rack
    redis (3.0.7)
    sinatra (1.4.5)
      rack (~> 1.4)
      rack-protection (~> 1.4)
      tilt (~> 1.3, >= 1.3.4)
    tilt (1.4.1)
    twilio-ruby (3.12.2)
      builder (>= 2.1.2)
      jwt (~> 1.0.0)
      multi_json (>= 1.3.0)
    typhoeus (0.6.6)
      ethon (~> 0.6.1)

PLATFORMS
  ruby

DEPENDENCIES
  redis
  sinatra
  twilio-ruby
  typhoeus
